GEM
  remote: http://rubygems.org/
  specs:
    activesupport (3.1.3)
      multi_json (~> 1.0)
    daemons (1.1.4)
    diff-lcs (1.1.3)
    eventmachine (0.12.10)
    gravatar-ultimate (1.0.2)
      sc-core-ext (>= 1.2.0)
    grit (2.4.1)
      diff-lcs (~> 1.1)
      mime-types (~> 1.15)
    i18n (0.6.0)
    json (1.6.3)
    mime-types (1.17.2)
    mimemagic (0.1.8)
    multi_json (1.0.4)
    rack (1.3.5)
    rack-protection (1.1.4)
      rack
    sc-core-ext (1.2.1)
      activesupport (>= 2.3.5)
    sinatra (1.3.1)
      rack (>= 1.3.4, ~> 1.3)
      rack-protection (>= 1.1.2, ~> 1.1)
      tilt (>= 1.3.3, ~> 1.3)
    thin (1.3.1)
      daemons (>= 1.0.9)
      eventmachine (>= 0.12.6)
      rack (>= 1.0.0)
    tilt (1.3.3)
    time-lord (0.2.5)

PLATFORMS
  ruby

DEPENDENCIES
  gravatar-ultimate
  grit
  i18n
  json
  mimemagic
  sinatra
  thin
  time-lord
